GEM
  remote: https://rubygems.org/
  specs:
    oj (2.5.3)

PLATFORMS
  ruby

DEPENDENCIES
  oj
