GEM
  remote: https://rubygems.org/
  specs:
    gson (0.6.1-java)
    jrjackson (0.2.5)
    json (1.5.0-java)
    json-jruby (1.5.0-java)
      json (= 1.5.0)

PLATFORMS
  java

DEPENDENCIES
  gson
  jrjackson
  json-jruby
